PATH
  remote: .
  specs:
    parallel_tests (0.9.4)

GEM
  remote: http://rubygems.org/
  specs:
    builder (3.1.4)
    bump (0.3.9)
    cucumber (1.2.1)
      builder (>= 2.1.2)
      diff-lcs (>= 1.1.3)
      gherkin (~> 2.11.0)
      json (>= 1.4.6)
    diff-lcs (1.1.3)
    gherkin (2.11.6)
      json (>= 1.7.6)
    json (1.7.6)
    rake (10.0.3)
    rspec (2.12.0)
      rspec-core (~> 2.12.0)
      rspec-expectations (~> 2.12.0)
      rspec-mocks (~> 2.12.0)
    rspec-core (2.12.2)
    rspec-expectations (2.12.1)
      diff-lcs (~> 1.1.3)
    rspec-mocks (2.12.2)
    test-unit (2.5.4)

PLATFORMS
  ruby

DEPENDENCIES
  bump
  cucumber
  parallel_tests!
  rake
  rspec (>= 2.4)
  test-unit
